GEM
  remote: http://rubygems.org/
  specs:
    celluloid (0.10.0)
    connection_pool (0.9.1)
    excon (0.6.3)
    foreman (0.45.0)
      thor (>= 0.13.6)
    hashie (1.2.0)
    hike (1.2.1)
    multi_json (1.3.2)
    puma (1.2.1)
      rack (~> 1.2)
    rack (1.4.1)
    redis (2.2.2)
    redis-namespace (1.1.0)
      redis (< 3.0.0)
    sidekiq (1.1.4)
      celluloid (~> 0.10.0)
      connection_pool (~> 0.9.0)
      multi_json (~> 1.0)
      redis
      redis-namespace
    sinatra (1.2.8)
      rack (~> 1.1)
      tilt (>= 1.2.2, < 2.0)
    slim (1.2.0)
      temple (~> 0.4.0)
      tilt (~> 1.3.3)
    sprockets (2.1.2)
      hike (~> 1.2)
      rack (~> 1.0)
      tilt (~> 1.1, != 1.3.0)
    temple (0.4.0)
    thor (0.14.6)
    tilt (1.3.3)
    yajl-ruby (1.1.0)

PLATFORMS
  ruby

DEPENDENCIES
  excon
  foreman
  hashie
  puma
  sidekiq
  sinatra
  slim
  sprockets
  yajl-ruby
