GEM
  remote: http://rubygems.org/
  specs:
    archive-tar-minitar (0.5.2)
    celluloid (0.10.0)
    chunky_png (1.2.5)
    coffee-script (2.2.0)
      coffee-script-source
      execjs
    coffee-script-source (1.3.1)
    compass (0.12.1)
      chunky_png (~> 1.2)
      fssm (>= 0.2.7)
      sass (~> 3.1)
    connection_pool (0.9.1)
    diff-lcs (1.1.3)
    downlow (0.1.4)
      archive-tar-minitar (>= 0.5.2)
      rubyzip (>= 0.9.4)
    excon (0.6.3)
    execjs (1.3.1)
      multi_json (~> 1.0)
    foreman (0.45.0)
      thor (>= 0.13.6)
    fssm (0.2.9)
    grit (2.5.0)
      diff-lcs (~> 1.1)
      mime-types (~> 1.15)
      posix-spawn (~> 0.3.6)
    hashie (1.2.0)
    hike (1.2.1)
    jim (0.3.2)
      downlow (~> 0.1.3)
      fssm
      thor
      version_sorter (~> 1.1.0)
      yajl-ruby
    json (1.4.6)
    mime-types (1.18)
    multi_json (1.3.2)
    mustache (0.99.4)
    posix-spawn (0.3.6)
    puma (1.2.1)
      rack (~> 1.2)
    rack (1.4.1)
    redis (2.2.2)
    redis-namespace (1.1.0)
      redis (< 3.0.0)
    rubyzip (0.9.8)
    sass (3.1.16)
    sidekiq (1.1.4)
      celluloid (~> 0.10.0)
      connection_pool (~> 0.9.0)
      multi_json (~> 1.0)
      redis
      redis-namespace
    sinatra (1.2.8)
      rack (~> 1.1)
      tilt (>= 1.2.2, < 2.0)
    slim (1.2.0)
      temple (~> 0.4.0)
      tilt (~> 1.3.3)
    soca (0.3.2)
      coffee-script (~> 2.2)
      compass (~> 0.11)
      jim (~> 0.3.1)
      json (~> 1.4.6)
      mime-types (~> 1.16)
      mustache (~> 0.99)
      thor (~> 0.14.0)
      typhoeus (~> 0.2.4)
    sprockets (2.1.2)
      hike (~> 1.2)
      rack (~> 1.0)
      tilt (~> 1.1, != 1.3.0)
    temple (0.4.0)
    thor (0.14.6)
    tilt (1.3.3)
    typhoeus (0.2.4)
      mime-types
      mime-types
    version_sorter (1.1.0)
    yajl-ruby (1.1.0)

PLATFORMS
  ruby

DEPENDENCIES
  excon
  foreman
  grit
  hashie
  puma
  sidekiq
  sinatra
  slim
  soca
  sprockets
  yajl-ruby
